GIT
  remote: git://github.com/mitchellh/radar.git
  revision: cec6c4bed8a26ca7512f32ddfdb2b25b3b710a8e
  specs:
    radar (0.4.0.dev)
      builder (~> 2.0)
      json (>= 1.4.6)

GIT
  remote: git://github.com/mitchellh/vagrant.git
  revision: 5316a520c69c7f8b9e6474807360cfc7be9d8dff
  specs:
    vagrant (0.6.0.dev)
      archive-tar-minitar (= 0.5.2)
      erubis (~> 2.6.6)
      i18n (~> 0.4.1)
      json (~> 1.4.6)
      mario (~> 0.0.6)
      net-scp (~> 1.0.3)
      net-ssh (~> 2.0.23)
      thor (~> 0.14.1)
      virtualbox (~> 0.7.3)

PATH
  remote: .
  specs:
    vagrant-rake (0.0.1)
      vagrant (~> 0.6.0)

GEM
  remote: http://rubygems.org/
  specs:
    abstract (1.0.0)
    archive-tar-minitar (0.5.2)
    builder (2.1.2)
    erubis (2.6.6)
      abstract (>= 1.0.0)
    ffi (0.6.3)
      rake (>= 0.8.7)
    i18n (0.4.1)
    json (1.4.6)
    mario (0.0.6)
    mocha (0.9.8)
      rake
    net-scp (1.0.4)
      net-ssh (>= 1.99.1)
    net-ssh (2.0.23)
    protest (0.4.1)
    rake (0.8.7)
    thor (0.14.1)
    virtualbox (0.7.5)
      ffi (>= 0.6.3)

PLATFORMS
  ruby

DEPENDENCIES
  mocha (~> 0.9.8)
  protest (~> 0.4.0)
  radar!
  vagrant!
  vagrant-rake!
